PATH
  remote: .
  specs:
    locport (1.1.3)
      thor (~> 1.3)

GEM
  remote: https://rubygems.org/
  specs:
    thor (1.4.0)

PLATFORMS
  aarch64-linux-musl
  arm64-darwin
  x86_64-darwin
  x86_64-linux
  x86_64-linux-musl

DEPENDENCIES
  locport!

BUNDLED WITH
   2.7.1
