PATH
  remote: .
  specs:
    locport (0.0.0)
      thor (~> 1.3)

GEM
  remote: https://rubygems.org/
  specs:
    thor (1.4.0)

PLATFORMS
  arm64-darwin-24
  ruby

DEPENDENCIES
  locport!

BUNDLED WITH
   2.7.1
